PATH
  remote: .
  specs:
    promoted-ruby-client (0.1.0)

GEM
  remote: https://rubygems.org/
  specs:
    byebug (11.1.3)
    diff-lcs (1.4.4)
    faraday (1.4.1)
      faraday-excon (~> 1.1)
      faraday-net_http (~> 1.0)
      faraday-net_http_persistent (~> 1.1)
      multipart-post (>= 1.2, < 3)
      ruby2_keywords (>= 0.0.4)
    faraday-excon (1.1.0)
    faraday-net_http (1.0.1)
    faraday-net_http_persistent (1.1.0)
    multipart-post (2.1.1)
    rake (10.5.0)
    rspec (3.10.0)
      rspec-core (~> 3.10.0)
      rspec-expectations (~> 3.10.0)
      rspec-mocks (~> 3.10.0)
    rspec-core (3.10.1)
      rspec-support (~> 3.10.0)
    rspec-expectations (3.10.1)
      diff-lcs (>= 1.2.0, < 2.0)
      rspec-support (~> 3.10.0)
    rspec-mocks (3.10.2)
      diff-lcs (>= 1.2.0, < 2.0)
      rspec-support (~> 3.10.0)
    rspec-support (3.10.2)
    ruby2_keywords (0.0.4)

PLATFORMS
  ruby

DEPENDENCIES
  bundler (~> 1.17)
  byebug
  faraday (~> 1.4.1)
  promoted-ruby-client!
  rake (~> 10.0)
  rspec (~> 3.0)

BUNDLED WITH
   1.17.2
